GIT
  remote: https://github.com/rails/sass-rails.git
  revision: eafddf6eeecc7e8b3fb929e406cb64e401b759e3
  specs:
    sass-rails (6.0.0.beta1)
      railties (>= 4.0.0, < 5.1)
      sass (~> 3.4)
      sprockets (~> 4.x)
      sprockets-rails (< 4.0)

GIT
  remote: https://github.com/rails/webpacker.git
  revision: 86e2d6e7741b0603649e2e855efab04757993550
  specs:
    webpacker (1.1)
      activesupport (>= 4.2)
      multi_json (~> 1.2)
      railties (>= 4.2)

GEM
  remote: https://rubygems.org/
  specs:
    actioncable (5.1.0.rc2)
      actionpack (= 5.1.0.rc2)
      nio4r (~> 2.0)
      websocket-driver (~> 0.6.1)
    actionmailer (5.1.0.rc2)
      actionpack (= 5.1.0.rc2)
      actionview (= 5.1.0.rc2)
      activejob (= 5.1.0.rc2)
      mail (~> 2.5, >= 2.5.4)
      rails-dom-testing (~> 2.0)
    actionpack (5.1.0.rc2)
      actionview (= 5.1.0.rc2)
      activesupport (= 5.1.0.rc2)
      rack (~> 2.0)
      rack-test (~> 0.6.3)
      rails-dom-testing (~> 2.0)
      rails-html-sanitizer (~> 1.0, >= 1.0.2)
    actionview (5.1.0.rc2)
      activesupport (= 5.1.0.rc2)
      builder (~> 3.1)
      erubi (~> 1.4)
      rails-dom-testing (~> 2.0)
      rails-html-sanitizer (~> 1.0, >= 1.0.3)
    active_model_serializers (0.10.5)
      actionpack (>= 4.1, < 6)
      activemodel (>= 4.1, < 6)
      case_transform (>= 0.2)
      jsonapi-renderer (>= 0.1.1.beta1, < 0.2)
    activejob (5.1.0.rc2)
      activesupport (= 5.1.0.rc2)
      globalid (>= 0.3.6)
    activemodel (5.1.0.rc2)
      activesupport (= 5.1.0.rc2)
    activerecord (5.1.0.rc2)
      activemodel (= 5.1.0.rc2)
      activesupport (= 5.1.0.rc2)
      arel (~> 8.0)
    activesupport (5.1.0.rc2)
      concurrent-ruby (~> 1.0, >= 1.0.2)
      i18n (~> 0.7)
      minitest (~> 5.1)
      tzinfo (~> 1.1)
    addressable (2.5.1)
      public_suffix (~> 2.0, >= 2.0.2)
    airbrake (6.0.0)
      airbrake-ruby (~> 2.0)
    airbrake-ruby (2.0.0)
    airbrussh (1.2.0)
      sshkit (>= 1.6.1, != 1.7.0)
    arel (8.0.0)
    ast (2.3.0)
    autoprefixer-rails (6.7.7.2)
      execjs
    axiom-types (0.1.1)
      descendants_tracker (~> 0.0.4)
      ice_nine (~> 0.11.0)
      thread_safe (~> 0.3, >= 0.3.1)
    bcrypt (3.1.11)
    better_errors (2.1.1)
      coderay (>= 1.0.0)
      erubis (>= 2.6.6)
      rack (>= 0.9.0)
    bindex (0.5.0)
    binding_of_caller (0.7.2)
      debug_inspector (>= 0.0.1)
    bourbon (4.3.4)
      sass (~> 3.4)
      thor (~> 0.19)
    builder (3.2.3)
    byebug (9.0.6)
    capistrano (3.8.1)
      airbrussh (>= 1.0.0)
      i18n
      rake (>= 10.0.0)
      sshkit (>= 1.9.0)
    capistrano-bundler (1.2.0)
      capistrano (~> 3.1)
      sshkit (~> 1.2)
    capistrano-rails (1.2.3)
      capistrano (~> 3.1)
      capistrano-bundler (~> 1.1)
    capistrano-rvm (0.1.2)
      capistrano (~> 3.0)
      sshkit (~> 1.2)
    capistrano-sidekiq (0.10.0)
      capistrano
      sidekiq (>= 3.4)
    capistrano3-puma (3.1.0)
      capistrano (~> 3.7)
      capistrano-bundler
      puma (~> 3.4)
    capybara (2.13.0)
      addressable
      mime-types (>= 1.16)
      nokogiri (>= 1.3.3)
      rack (>= 1.0.0)
      rack-test (>= 0.5.4)
      xpath (~> 2.0)
    case_transform (0.2)
      activesupport
    childprocess (0.6.3)
      ffi (~> 1.0, >= 1.0.11)
    clearance (1.16.0)
      bcrypt
      email_validator (~> 1.4)
      rails (>= 3.1)
    cliver (0.3.2)
    codeclimate-engine-rb (0.4.0)
      virtus (~> 1.0)
    coderay (1.1.1)
    coercible (1.0.0)
      descendants_tracker (~> 0.0.1)
    concurrent-ruby (1.0.5)
    connection_pool (2.2.1)
    crack (0.4.3)
      safe_yaml (~> 1.0.0)
    debug_inspector (0.0.2)
    descendants_tracker (0.0.4)
      thread_safe (~> 0.3, >= 0.3.1)
    diff-lcs (1.3)
    dnsruby (1.60.0)
    docile (1.1.5)
    dotenv (2.2.0)
    dotenv-rails (2.2.0)
      dotenv (= 2.2.0)
      railties (>= 3.2, < 5.1)
    elasticsearch (5.0.4)
      elasticsearch-api (= 5.0.4)
      elasticsearch-transport (= 5.0.4)
    elasticsearch-api (5.0.4)
      multi_json
    elasticsearch-transport (5.0.4)
      faraday
      multi_json
    email_spec (2.1.0)
      htmlentities (~> 4.3.3)
      launchy (~> 2.1)
      mail (~> 2.6.3)
    email_validator (1.6.0)
      activemodel
    email_verifier (0.1.0)
      dnsruby (>= 1.5)
    equalizer (0.0.11)
    erubi (1.6.0)
    erubis (2.7.0)
    execjs (2.7.0)
    factory_girl (4.8.0)
      activesupport (>= 3.0.0)
    factory_girl_rails (4.8.0)
      factory_girl (~> 4.8.0)
      railties (>= 3.0.0)
    faker (1.7.3)
      i18n (~> 0.5)
    faraday (0.12.1)
      multipart-post (>= 1.2, < 3)
    ffi (1.9.18)
    font-awesome-sass (4.7.0)
      sass (>= 3.2)
    foreman (0.84.0)
      thor (~> 0.19.1)
    globalid (0.4.0)
      activesupport (>= 4.2.0)
    google_places (0.33.0)
      httparty (>= 0.13.1, < 0.14.1)
    hashdiff (0.3.2)
    hashie (3.5.5)
    htmlentities (4.3.4)
    httparty (0.14.0)
      multi_xml (>= 0.5.2)
    hunterio (0.2.0)
      faraday
      json
    i18n (0.8.1)
    ice_nine (0.11.2)
    jbuilder (2.6.3)
      activesupport (>= 3.0.0, < 5.2)
      multi_json (~> 1.2)
    json (2.1.0)
    jsonapi-renderer (0.1.2)
    launchy (2.4.3)
      addressable (~> 2.3)
    letter_opener (1.4.1)
      launchy (~> 2.2)
    libv8 (3.16.14.19)
    listen (3.1.5)
      rb-fsevent (~> 0.9, >= 0.9.4)
      rb-inotify (~> 0.9, >= 0.9.7)
      ruby_dep (~> 1.2)
    loofah (2.0.3)
      nokogiri (>= 1.5.9)
    mail (2.6.4)
      mime-types (>= 1.16, < 4)
    method_source (0.8.2)
    mime-types (3.1)
      mime-types-data (~> 3.2015)
    mime-types-data (3.2016.0521)
    mini_portile2 (2.1.0)
    minitest (5.10.1)
    multi_json (1.12.1)
    multi_xml (0.6.0)
    multipart-post (2.0.0)
    neat (2.0.0)
      sass (~> 3.4)
      thor (~> 0.19)
    net-scp (1.2.1)
      net-ssh (>= 2.6.5)
    net-ssh (4.1.0)
    nio4r (2.0.0)
    nokogiri (1.7.1)
      mini_portile2 (~> 2.1.0)
    parser (2.4.0.0)
      ast (~> 2.2)
    pg (0.20.0)
    poltergeist (1.14.0)
      capybara (~> 2.1)
      cliver (~> 0.3.1)
      websocket-driver (>= 0.2.0)
    powerpack (0.1.1)
    public_suffix (2.0.5)
    puma (3.8.2)
    rack (2.0.1)
    rack-cors (0.4.1)
    rack-protection (1.5.3)
      rack
    rack-test (0.6.3)
      rack (>= 1.0)
    rails (5.1.0.rc2)
      actioncable (= 5.1.0.rc2)
      actionmailer (= 5.1.0.rc2)
      actionpack (= 5.1.0.rc2)
      actionview (= 5.1.0.rc2)
      activejob (= 5.1.0.rc2)
      activemodel (= 5.1.0.rc2)
      activerecord (= 5.1.0.rc2)
      activesupport (= 5.1.0.rc2)
      bundler (>= 1.3.0, < 2.0)
      railties (= 5.1.0.rc2)
      sprockets-rails (>= 2.0.0)
    rails-dom-testing (2.0.2)
      activesupport (>= 4.2.0, < 6.0)
      nokogiri (~> 1.6)
    rails-html-sanitizer (1.0.3)
      loofah (~> 2.0)
    railties (5.1.0.rc2)
      actionpack (= 5.1.0.rc2)
      activesupport (= 5.1.0.rc2)
      method_source
      rake (>= 0.8.7)
      thor (>= 0.18.1, < 2.0)
    rainbow (2.2.2)
      rake
    rake (12.0.0)
    rb-fsevent (0.9.8)
    rb-inotify (0.9.8)
      ffi (>= 0.5.0)
    redis (3.3.3)
    reek (4.6.1)
      codeclimate-engine-rb (~> 0.4.0)
      parser (>= 2.3.1.2, < 2.5)
      rainbow (~> 2.0)
    ref (2.0.0)
    responders (2.3.0)
      railties (>= 4.2.0, < 5.1)
    rspec-core (3.5.4)
      rspec-support (~> 3.5.0)
    rspec-expectations (3.5.0)
      diff-lcs (>= 1.2.0, < 2.0)
      rspec-support (~> 3.5.0)
    rspec-mocks (3.5.0)
      diff-lcs (>= 1.2.0, < 2.0)
      rspec-support (~> 3.5.0)
    rspec-rails (3.5.2)
      actionpack (>= 3.0)
      activesupport (>= 3.0)
      railties (>= 3.0)
      rspec-core (~> 3.5.0)
      rspec-expectations (~> 3.5.0)
      rspec-mocks (~> 3.5.0)
      rspec-support (~> 3.5.0)
    rspec-support (3.5.0)
    rubocop (0.48.1)
      parser (>= 2.3.3.1, < 3.0)
      powerpack (~> 0.1)
      rainbow (>= 1.99.1, < 3.0)
      ruby-progressbar (~> 1.7)
      unicode-display_width (~> 1.0, >= 1.0.1)
    ruby-progressbar (1.8.1)
    ruby_dep (1.5.0)
    rubyzip (1.2.1)
    safe_yaml (1.0.4)
    sass (3.4.23)
    searchkick (2.2.1)
      activemodel (>= 4.1)
      elasticsearch (>= 1)
      hashie
    selenium-webdriver (3.4.0)
      childprocess (~> 0.5)
      rubyzip (~> 1.0)
      websocket (~> 1.0)
    shoulda-matchers (3.1.1)
      activesupport (>= 4.0.0)
    sidekiq (4.2.10)
      concurrent-ruby (~> 1.0)
      connection_pool (~> 2.2, >= 2.2.0)
      rack-protection (>= 1.5.0)
      redis (~> 3.2, >= 3.2.1)
    simplecov (0.14.1)
      docile (~> 1.1.0)
      json (>= 1.8, < 3)
      simplecov-html (~> 0.10.0)
    simplecov-html (0.10.0)
    slim (3.0.7)
      temple (~> 0.7.6)
      tilt (>= 1.3.3, < 2.1)
    slim-rails (3.1.2)
      actionpack (>= 3.1)
      railties (>= 3.1)
      slim (~> 3.0)
    spring (2.0.1)
      activesupport (>= 4.2)
    spring-watcher-listen (2.0.1)
      listen (>= 2.7, < 4.0)
      spring (>= 1.2, < 3.0)
    sprockets (4.0.0.beta4)
      concurrent-ruby (~> 1.0)
      rack (> 1, < 3)
    sprockets-rails (3.2.0)
      actionpack (>= 4.0)
      activesupport (>= 4.0)
      sprockets (>= 3.0.0)
    sshkit (1.13.1)
      net-scp (>= 1.1.2)
      net-ssh (>= 2.8.0)
    temple (0.7.7)
    therubyracer (0.12.3)
      libv8 (~> 3.16.14.15)
      ref
    thor (0.19.4)
    thread_safe (0.3.6)
    tilt (2.0.7)
    tzinfo (1.2.3)
      thread_safe (~> 0.1)
    uglifier (3.2.0)
      execjs (>= 0.3.0, < 3)
    unicode-display_width (1.2.1)
    vcr (3.0.3)
    virtus (1.0.5)
      axiom-types (~> 0.1)
      coercible (~> 1.0)
      descendants_tracker (~> 0.0, >= 0.0.3)
      equalizer (~> 0.0, >= 0.0.9)
    web-console (3.5.0)
      actionview (>= 5.0)
      activemodel (>= 5.0)
      bindex (>= 0.4.0)
      railties (>= 5.0)
    webmock (3.0.1)
      addressable (>= 2.3.6)
      crack (>= 0.3.2)
      hashdiff
    websocket (1.2.4)
    websocket-driver (0.6.5)
      websocket-extensions (>= 0.1.0)
    websocket-extensions (0.1.2)
    xpath (2.0.0)
      nokogiri (~> 1.3)

PLATFORMS
  ruby

DEPENDENCIES
  active_model_serializers
  addressable
  airbrake
  autoprefixer-rails
  better_errors
  binding_of_caller
  bourbon
  byebug
  capistrano
  capistrano-bundler
  capistrano-rails
  capistrano-rvm
  capistrano-sidekiq
  capistrano3-puma
  capybara
  clearance
  dotenv-rails
  email_spec
  email_verifier
  factory_girl_rails
  faker
  font-awesome-sass
  foreman
  google_places
  hunterio
  jbuilder
  letter_opener
  listen
  neat
  pg
  poltergeist
  puma
  rack-cors
  rails (~> 5.1.0.rc2)
  reek
  responders
  rspec-rails (~> 3.5)
  rubocop
  sass-rails!
  searchkick
  selenium-webdriver
  shoulda-matchers
  sidekiq
  simplecov
  slim-rails
  spring
  spring-watcher-listen
  therubyracer
  uglifier
  vcr
  web-console
  webmock
  webpacker!

BUNDLED WITH
   1.14.6
